GEM
  remote: https://rubygems.org/
  specs:
    builder (3.2.3)
    cucumber (2.3.3)
      builder (>= 2.1.2)
      cucumber-core (~> 1.4.0)
      cucumber-wire (~> 0.0.1)
      diff-lcs (>= 1.1.3)
      gherkin (~> 3.2.0)
      multi_json (>= 1.7.5, < 2.0)
      multi_test (>= 0.1.2)
    cucumber-core (1.4.0)
      gherkin (~> 3.2.0)
    cucumber-wire (0.0.1)
    diff-lcs (1.3)
    gherkin (3.2.0)
    multi_json (1.12.1)
    multi_test (0.1.2)
    os (0.9.6)
    specific_install (0.3.3)

PLATFORMS
  ruby

DEPENDENCIES
  cucumber (~> 2.3.0)
  os
  specific_install

BUNDLED WITH
   1.13.7
